PATH
  remote: .
  specs:
    busk-ruby-readability (1.2.7)

GEM
  remote: http://rubygems.org/
  specs:
    diff-lcs (1.1.2)
    fakeweb (1.3.0)
    nokogiri (1.4.4)
    rspec (2.4.0)
      rspec-core (~> 2.4.0)
      rspec-expectations (~> 2.4.0)
      rspec-mocks (~> 2.4.0)
    rspec-core (2.4.0)
    rspec-expectations (2.4.0)
      diff-lcs (~> 1.1.2)
    rspec-mocks (2.4.0)
    vcr (1.6.0)

PLATFORMS
  ruby

DEPENDENCIES
  busk-ruby-readability!
  fakeweb
  nokogiri
  rspec
  vcr
